GEM
  remote: https://rubygems.org/
  specs:
    ast (2.2.0)
    backports (3.6.8)
    faraday (0.9.2)
      multipart-post (>= 1.2, < 3)
    ffi (1.9.10)
    fuzzyurl (0.2.2)
    hyperresource (0.9.4)
      faraday (>= 0.8.6)
      fuzzyurl (= 0.2.2)
      json
      uri_template (>= 0.5.2)
    json (1.8.3)
    listen (3.1.5)
      rb-fsevent (~> 0.9, >= 0.9.4)
      rb-inotify (~> 0.9, >= 0.9.7)
      ruby_dep (~> 1.2)
    multi_json (1.12.1)
    multipart-post (2.0.0)
    parser (2.3.1.0)
      ast (~> 2.2)
    powerpack (0.1.1)
    puma (3.4.0)
    rack (1.6.4)
    rack-protection (1.5.3)
      rack
    rack-test (0.6.3)
      rack (>= 1.0)
    rainbow (2.1.0)
    rb-fsevent (0.9.7)
    rb-inotify (0.9.7)
      ffi (>= 0.5.0)
    rerun (0.11.0)
      listen (~> 3.0)
    rubocop (0.40.0)
      parser (>= 2.3.1.0, < 3.0)
      powerpack (~> 0.1)
      rainbow (>= 1.99.1, < 3.0)
      ruby-progressbar (~> 1.7)
      unicode-display_width (~> 1.0, >= 1.0.1)
    ruby-progressbar (1.8.1)
    ruby_dep (1.3.1)
    sinatra (1.4.7)
      rack (~> 1.5)
      rack-protection (~> 1.4)
      tilt (>= 1.3, < 3)
    sinatra-contrib (1.4.7)
      backports (>= 2.0)
      multi_json
      rack-protection
      rack-test
      sinatra (~> 1.4.0)
      tilt (>= 1.3, < 3)
    sinatra-flash (0.3.0)
      sinatra (>= 1.0.0)
    tilt (2.0.4)
    unicode-display_width (1.0.5)
    uri_template (0.7.0)

PLATFORMS
  ruby

DEPENDENCIES
  hyperresource
  puma
  rerun
  rubocop
  sinatra
  sinatra-contrib
  sinatra-flash

BUNDLED WITH
   1.12.4
